PATH
  remote: .
  specs:
    logcli (0.1.0)
      net-scp (~> 1.2.1, >= 1.2.1)
      net-ssh (~> 5.0.2, >= 5.0.2)
      thor (~> 0.20.3)

GEM
  remote: https://rubygems.org/
  specs:
    coderay (1.1.2)
    diff-lcs (1.3)
    elasticsearch (7.0.0)
      elasticsearch-api (= 7.0.0)
      elasticsearch-transport (= 7.0.0)
    elasticsearch-api (7.0.0)
      multi_json
    elasticsearch-transport (7.0.0)
      faraday
      multi_json
    faraday (0.15.4)
      multipart-post (>= 1.2, < 3)
    method_source (0.9.0)
    multi_json (1.13.1)
    multipart-post (2.1.0)
    net-scp (1.2.1)
      net-ssh (>= 2.6.5)
    net-ssh (5.0.2)
    pry (0.11.3)
      coderay (~> 1.1.0)
      method_source (~> 0.9.0)
    rake (10.4.2)
    rspec (3.8.0)
      rspec-core (~> 3.8.0)
      rspec-expectations (~> 3.8.0)
      rspec-mocks (~> 3.8.0)
    rspec-core (3.8.0)
      rspec-support (~> 3.8.0)
    rspec-expectations (3.8.2)
      diff-lcs (>= 1.2.0, < 2.0)
      rspec-support (~> 3.8.0)
    rspec-mocks (3.8.0)
      diff-lcs (>= 1.2.0, < 2.0)
      rspec-support (~> 3.8.0)
    rspec-support (3.8.0)
    thor (0.20.3)

PLATFORMS
  ruby

DEPENDENCIES
  bundler (~> 1.16)
  logcli!
  pry
  rake (~> 10.0)
  rspec (~> 3.0)

BUNDLED WITH
   1.16.6
